PATH
  remote: .
  specs:
    art-decomp (0.4.0)
      rcapture
      trollop

GEM
  remote: https://rubygems.org/
  specs:
    minitest (4.7.1)
    rcapture (1.0.4)
    trollop (2.0)

PLATFORMS
  ruby

DEPENDENCIES
  art-decomp!
  minitest (~> 4.0)
