PATH
  remote: .
  specs:
    art-decomp (0.4.0)
      rcapture (~> 1.0)
      trollop (~> 2.0)

GEM
  remote: https://rubygems.org/
  specs:
    minitest (5.10.1)
    rcapture (1.0.4)
    trollop (2.1.2)

PLATFORMS
  ruby

DEPENDENCIES
  art-decomp!
  minitest (~> 5.0)

BUNDLED WITH
   1.13.7
