PATH
  remote: .
  specs:
    art-decomp (0.4.0)
      rcapture
      trollop

GEM
  remote: http://rubygems.org/
  specs:
    minitest (2.11.4)
    rake (0.9.2.2)
    rcapture (1.0.4)
    trollop (1.16.2)

PLATFORMS
  ruby

DEPENDENCIES
  art-decomp!
  minitest (>= 2.3)
  rake
