PATH
  remote: .
  specs:
    art-decomp (0.4.0)
      rcapture
      trollop

GEM
  remote: https://rubygems.org/
  specs:
    coderay (1.0.9)
    method_source (0.8.1)
    minitest (4.7.1)
    perftools.rb (2.0.0)
    pry (0.9.12)
      coderay (~> 1.0.5)
      method_source (~> 0.8)
      slop (~> 3.4)
    rake (10.0.4)
    rcapture (1.0.4)
    slop (3.4.4)
    trollop (2.0)

PLATFORMS
  ruby

DEPENDENCIES
  art-decomp!
  minitest (~> 4.0)
  perftools.rb
  pry
  rake
