PATH
  remote: .
  specs:
    art-decomp (0.4.0)
      rcapture
      trollop

GEM
  remote: http://rubygems.org/
  specs:
    diff-lcs (1.1.3)
    minitest (2.8.1)
    rake (0.9.2.2)
    rcapture (1.0.4)
    rspec (2.7.0)
      rspec-core (~> 2.7.0)
      rspec-expectations (~> 2.7.0)
      rspec-mocks (~> 2.7.0)
    rspec-core (2.7.1)
    rspec-expectations (2.7.0)
      diff-lcs (~> 1.1.2)
    rspec-mocks (2.7.0)
    trollop (1.16.2)

PLATFORMS
  ruby

DEPENDENCIES
  art-decomp!
  minitest (>= 2.3)
  rake
  rspec (>= 2)
