PATH
  remote: .
  specs:
    art-decomp (0.4.0)
      rcapture
      trollop

GEM
  remote: http://rubygems.org/
  specs:
    coderay (1.0.8)
    ffi (1.2.0)
    listen (0.6.0)
    method_source (0.8.1)
    minitest (4.3.2)
    perftools.rb (2.0.0)
    pry (0.9.10)
      coderay (~> 1.0.5)
      method_source (~> 0.8)
      slop (~> 3.3.1)
    rake (10.0.2)
    rb-inotify (0.8.8)
      ffi (>= 0.5.0)
    rcapture (1.0.4)
    rerun (0.7.1)
      listen
    slop (3.3.3)
    trollop (2.0)

PLATFORMS
  ruby

DEPENDENCIES
  art-decomp!
  minitest (~> 4.0)
  perftools.rb
  pry
  rake
  rb-inotify
  rerun
